GIT
  remote: https://github.com/zendesk/ci_status.git
  revision: ecc2eaae8d9d7ec05b152fe28dc6ae7410596dd5
  specs:
    ci_status (1.0.0)
      nokogiri (~> 1.5)

GEM
  remote: https://rubygems.org/
  specs:
    diff-lcs (1.2.4)
    nokogiri (1.5.10)
    rack (1.5.2)
    rack-protection (1.5.0)
      rack
    rspec (2.14.1)
      rspec-core (~> 2.14.0)
      rspec-expectations (~> 2.14.0)
      rspec-mocks (~> 2.14.0)
    rspec-core (2.14.5)
    rspec-expectations (2.14.3)
      diff-lcs (>= 1.1.3, < 2.0)
    rspec-mocks (2.14.3)
    sass (3.2.10)
    sinatra (1.4.3)
      rack (~> 1.4)
      rack-protection (~> 1.4)
      tilt (~> 1.3, >= 1.3.4)
    tilt (1.4.1)

PLATFORMS
  ruby

DEPENDENCIES
  ci_status!
  nokogiri (~> 1.5.10)
  rspec
  sass
  sinatra
